GEM
  remote: https://rubygems.org/
  specs:
    concurrent-ruby (1.1.8)
    et-orbi (1.2.4)
      tzinfo
    fugit (1.4.2)
      et-orbi (~> 1.1, >= 1.1.8)
      raabro (~> 1.4)
    httparty (0.18.1)
      mime-types (~> 3.0)
      multi_xml (>= 0.5.2)
    jwt (2.2.2)
    mime-types (3.3.1)
      mime-types-data (~> 3.2015)
    mime-types-data (3.2021.0225)
    multi_xml (0.6.0)
    nexmo-jwt (0.1.2)
      jwt (~> 2)
    raabro (1.4.0)
    rexml (3.2.4)
    rufus-scheduler (3.7.0)
      fugit (~> 1.1, >= 1.1.6)
    sorbet-runtime (0.5.6341)
    tzinfo (2.0.4)
      concurrent-ruby (~> 1.0)
    vonage (7.3.0)
      nexmo-jwt (~> 0.1.2)
      rexml
      sorbet-runtime (~> 0.5)
      zeitwerk (~> 2, >= 2.2)
    zeitwerk (2.4.2)

PLATFORMS
  x86_64-darwin-20

DEPENDENCIES
  httparty
  rufus-scheduler
  vonage

BUNDLED WITH
   2.2.3
